PATH
  remote: .
  specs:
    scrummin (0.1.0)
      tinder (~> 1.9)

GEM
  remote: https://rubygems.org/
  specs:
    diff-lcs (1.2.3)
    eventmachine (1.0.3)
    eventmachine (1.0.3-x86-mingw32)
    faraday (0.8.7)
      multipart-post (~> 1.1)
    faraday_middleware (0.9.0)
      faraday (>= 0.7.4, < 0.9)
    hashie (1.2.0)
    http_parser.rb (0.5.3)
    http_parser.rb (0.5.3-x86-mingw32)
    json (1.7.7)
    mime-types (1.23)
    multi_json (1.7.7)
    multipart-post (1.2.0)
    rake (10.0.4)
    rspec (2.13.0)
      rspec-core (~> 2.13.0)
      rspec-expectations (~> 2.13.0)
      rspec-mocks (~> 2.13.0)
    rspec-core (2.13.1)
    rspec-expectations (2.13.0)
      diff-lcs (>= 1.1.3, < 2.0)
    rspec-mocks (2.13.1)
    simple_oauth (0.1.9)
    tinder (1.9.2)
      eventmachine (~> 1.0)
      faraday (~> 0.8)
      faraday_middleware (~> 0.9)
      hashie (~> 1.0)
      json (~> 1.7.5)
      mime-types (~> 1.19)
      multi_json (~> 1.5)
      twitter-stream (~> 0.1)
    twitter-stream (0.1.16)
      eventmachine (>= 0.12.8)
      http_parser.rb (~> 0.5.1)
      simple_oauth (~> 0.1.4)

PLATFORMS
  ruby
  x86-mingw32

DEPENDENCIES
  bundler (~> 1.3)
  rake
  rspec (~> 2.13)
  scrummin!
